GIT
  remote: https://github.com/UMNLibraries/capistrano-template-ruby3
  revision: fb639169c4f33eeda3c1c424caf0bf4007f4b7f4
  specs:
    capistrano-template (0.0.9)
      capistrano (> 3.0)

GEM
  remote: https://rubygems.org/
  specs:
    airbrussh (1.4.1)
      sshkit (>= 1.6.1, != 1.7.0)
    bcrypt_pbkdf (1.1.0)
    capistrano (3.14.1)
      airbrussh (>= 1.0.0)
      i18n
      rake (>= 10.0.0)
      sshkit (>= 1.9.0)
    capistrano-composer (0.0.6)
      capistrano (>= 3.0.0.pre)
    concurrent-ruby (1.2.2)
    ed25519 (1.3.0)
    i18n (1.12.0)
      concurrent-ruby (~> 1.0)
    net-scp (4.0.0)
      net-ssh (>= 2.6.5, < 8.0.0)
    net-ssh (7.0.1)
    rake (13.0.6)
    sshkit (1.21.4)
      net-scp (>= 1.1.2)
      net-ssh (>= 2.8.0)

PLATFORMS
  arm64-darwin-22

DEPENDENCIES
  bcrypt_pbkdf (>= 1.0, < 2.0)
  capistrano (~> 3.14.0)
  capistrano-composer
  capistrano-template!
  ed25519 (>= 1.2, < 2.0)

BUNDLED WITH
   2.3.24
